GEM
  remote: https://rubygems.org/
  specs:
    diff-lcs (1.4.2)
    domain_name (0.5.20190701)
      unf (>= 0.0.5, < 1.0.0)
    faraday (0.17.3)
      multipart-post (>= 1.2, < 3)
    faraday-cookie_jar (0.0.6)
      faraday (>= 0.7.4)
      http-cookie (~> 1.0.0)
    green_day (0.1.9)
      faraday (< 1.0)
      faraday-cookie_jar
      nokogiri
      rspec (~> 3.0)
      thor
    http-cookie (1.0.3)
      domain_name (~> 0.5)
    mini_portile2 (2.5.1)
    multipart-post (2.1.1)
    nokogiri (1.11.5)
      mini_portile2 (~> 2.5.0)
      racc (~> 1.4)
    racc (1.5.2)
    rspec (3.9.0)
      rspec-core (~> 3.9.0)
      rspec-expectations (~> 3.9.0)
      rspec-mocks (~> 3.9.0)
    rspec-core (3.9.2)
      rspec-support (~> 3.9.3)
    rspec-expectations (3.9.2)
      diff-lcs (>= 1.2.0, < 2.0)
      rspec-support (~> 3.9.0)
    rspec-mocks (3.9.1)
      diff-lcs (>= 1.2.0, < 2.0)
      rspec-support (~> 3.9.0)
    rspec-support (3.9.3)
    thor (1.0.1)
    unf (0.1.4)
      unf_ext
    unf_ext (0.0.7.7)

PLATFORMS
  ruby

DEPENDENCIES
  green_day
  rspec

BUNDLED WITH
   2.1.4
